GIT
  remote: https://github.com/bobtfish/fpm-cookery.git
  revision: dff240106a053c41414443120b44dc18a5df71ba
  branch: master
  specs:
    fpm-cookery (0.16.2)
      addressable
      facter
      fpm (~> 0.4)
      puppet
      systemu

GEM
  remote: https://rubygems.org/
  specs:
    CFPropertyList (2.2.8)
    addressable (2.4.0)
    arr-pm (0.0.10)
      cabin (> 0)
    backports (3.6.8)
    cabin (0.8.1)
    childprocess (0.5.9)
      ffi (~> 1.0, >= 1.0.11)
    clamp (0.6.5)
    facter (2.4.6)
      CFPropertyList (~> 2.2.6)
    ffi (1.9.14)
    fpm (0.4.42)
      arr-pm (~> 0.0.8)
      backports (>= 2.6.2)
      cabin (>= 0.6.0)
      childprocess
      clamp (~> 0.6)
      ftw (~> 0.0.30)
      json (>= 1.7.7)
    ftw (0.0.44)
      addressable
      backports (>= 2.6.2)
      cabin (> 0)
      http_parser.rb (~> 0.6)
    hiera (3.2.0)
      json_pure
    http_parser.rb (0.6.0)
    json (2.0.1)
    json_pure (2.0.1)
    puppet (4.5.2)
      CFPropertyList (~> 2.2.6)
      facter (> 2.0, < 4)
      hiera (>= 2.0, < 4)
      json_pure
    systemu (2.6.5)

PLATFORMS
  ruby

DEPENDENCIES
  fpm-cookery!

BUNDLED WITH
   2.3.15
