GEM
  remote: https://rubygems.org/
  specs:
    CFPropertyList (2.2.7)
    colored (1.2)
    cri (2.6.1)
      colored (~> 1.2)
    deep_merge (1.0.1)
    diff-lcs (1.2.5)
    faraday (0.8.11)
      multipart-post (~> 1.2.0)
    faraday_middleware (0.9.2)
      faraday (>= 0.7.4, < 0.10)
    faraday_middleware-multi_json (0.0.6)
      faraday_middleware
      multi_json
    hiera-vault (0.2.1)
      vault (~> 0.4)
    ipaddress (0.8.3)
    jmespath (1.4.0)
    json (1.8.6)
    json_pure (1.8.6)
    kgio (2.10.0)
    log4r (1.1.10)
    mixlib-cli (1.7.0)
    msgpack (1.0.3)
    multi_json (1.8.4)
    multipart-post (1.2.0)
    net-scp (1.2.1)
      net-ssh (>= 2.6.5)
    net-ssh (3.2.0)
    net-telnet (0.1.1)
    puppet-lint (1.1.0)
    puppet-syntax (2.0.0)
      rake
    r10k (1.4.1)
      colored (= 1.2)
      cri (~> 2.6.1)
      faraday (~> 0.8.8)
      faraday_middleware (~> 0.9.0)
      faraday_middleware-multi_json (~> 0.0.5)
      json_pure (~> 1.8)
      log4r (= 1.1.10)
      multi_json (~> 1.8.2)
      systemu (~> 2.5.2)
    rack (1.6.4)
    raindrops (0.16.0)
    rake (11.2.2)
    retries (0.0.5)
    rgen (0.6.6)
    rspec (3.5.0)
      rspec-core (~> 3.5.0)
      rspec-expectations (~> 3.5.0)
      rspec-mocks (~> 3.5.0)
    rspec-core (3.5.1)
      rspec-support (~> 3.5.0)
    rspec-expectations (3.5.0)
      diff-lcs (>= 1.2.0, < 2.0)
      rspec-support (~> 3.5.0)
    rspec-its (1.2.0)
      rspec-core (>= 3.0.0)
      rspec-expectations (>= 3.0.0)
    rspec-mocks (3.5.0)
      diff-lcs (>= 1.2.0, < 2.0)
      rspec-support (~> 3.5.0)
    rspec-support (3.5.0)
    ruby-augeas (0.4.1)
    ruby-shadow (2.5.0)
    sensu-plugin (1.2.0)
      json
      mixlib-cli (>= 1.1.0)
    serverspec (2.36.0)
      multi_json
      rspec (~> 3.0)
      rspec-its
      specinfra (~> 2.53)
    sfl (2.2)
    specinfra (2.59.6)
      net-scp
      net-ssh (>= 2.7, < 4.0)
      net-telnet
      sfl
    systemu (2.5.2)
    unicorn (4.9.0)
      kgio (~> 2.6)
      rack
      raindrops (~> 0.7)
    vault (0.4.0)

PLATFORMS
  ruby

DEPENDENCIES
  CFPropertyList (= 2.2.7)
  aws-sdk-resources (= 3.50.0)
  deep_merge (= 1.0.1)
  hiera-vault (= 0.2.1)
  ipaddress (= 0.8.3)
  json (= 1.8.6)
  msgpack (= 1.0.3)
  puppet-lint (~> 1.1.0)
  puppet-syntax (= 2.0.0)
  r10k (= 1.4.1)
  rack (= 1.6.4)
  retries (= 0.0.5)
  rgen (= 0.6.6)
  ruby-augeas (= 0.4.1)
  ruby-shadow (= 2.5.0)
  sensu-plugin (= 1.2.0)
  serverspec (= 2.36.0)
  unicorn (= 4.9.0)

BUNDLED WITH
   1.16.6
